GEM
  remote: https://rubygems.org/
  specs:
    tapp (1.5.1)
      thor
    thor (0.20.3)

PLATFORMS
  ruby

DEPENDENCIES
  tapp

BUNDLED WITH
   2.0.1
